PATH
  remote: .
  specs:
    enjin (0.0.1)
      bcrypt-ruby (~> 2.1)
      goliath (~> 0.9.2)
      nats (~> 0.4.10)
      ruby-hmac (~> 0.4)

GEM
  remote: http://rubygems.org/
  specs:
    async-rack (0.5.1)
      rack (~> 1.1)
    bcrypt-ruby (2.1.4)
    daemons (1.1.4)
    em-synchrony (1.0.0)
      eventmachine (>= 1.0.0.beta.1)
    eventmachine (1.0.0.beta.4)
    goliath (0.9.2)
      async-rack
      em-synchrony (>= 0.3.0.beta.1)
      eventmachine (>= 1.0.0.beta.3)
      http_parser.rb
      http_router (~> 0.8.9)
      log4r
      multi_json
      rack (>= 1.2.2)
      rack-contrib
      rack-respond_to
    http_parser.rb (0.5.3)
    http_router (0.8.11)
      rack (>= 1.0.0)
      url_mount (~> 0.2.1)
    json_pure (1.6.1)
    log4r (1.1.9)
    multi_json (1.0.3)
    nats (0.4.10)
      daemons (>= 1.1.0)
      eventmachine (>= 0.12.10)
      json_pure (>= 1.5.1)
    rack (1.3.4)
    rack-accept-media-types (0.9)
    rack-contrib (1.1.0)
      rack (>= 0.9.1)
    rack-respond_to (0.9.8)
      rack-accept-media-types (>= 0.6)
    ruby-hmac (0.4.0)
    url_mount (0.2.1)
      rack

PLATFORMS
  ruby

DEPENDENCIES
  enjin!
