GEM
  remote: http://rubygems.org/
  specs:
    addressable (2.2.6)
    async-rack (0.5.1)
      rack (~> 1.1)
    bcrypt-ruby (2.1.4)
    daemons (1.1.4)
    em-http-request (0.3.0)
      addressable (>= 2.0.0)
      escape_utils
      eventmachine (>= 0.12.9)
    em-synchrony (0.3.0.beta.1)
      eventmachine (>= 1.0.0.beta.1)
    escape_utils (0.2.3)
    eventmachine (1.0.0.beta.3)
    goliath (0.9.1)
      async-rack
      em-synchrony (>= 0.3.0.beta.1)
      eventmachine (>= 1.0.0.beta.1)
      http_parser.rb
      log4r
      multi_json
      rack (>= 1.2.2)
      rack-contrib
      rack-respond_to
    http_parser.rb (0.5.1)
    json_pure (1.5.3)
    log4r (1.1.9)
    multi_json (1.0.3)
    nats (0.4.10)
      daemons (>= 1.1.0)
      eventmachine (>= 0.12.10)
      json_pure (>= 1.5.1)
    rack (1.3.0)
    rack-accept-media-types (0.9)
    rack-contrib (1.1.0)
      rack (>= 0.9.1)
    rack-respond_to (0.9.8)
      rack-accept-media-types (>= 0.6)
    ruby-hmac (0.4.0)

PLATFORMS
  ruby

DEPENDENCIES
  bcrypt-ruby (~> 2.1.4)
  em-http-request (~> 0.3.0)
  goliath (~> 0.9.1)
  nats (~> 0.4.10)
  ruby-hmac (~> 0.4.0)
